GEM
  remote: http://rubygems.org/
  specs:
    archive-tar-minitar (0.5.2)
    builder (3.0.0)
    columnize (0.3.6)
    getopt (1.4.1)
    hike (1.2.3)
    htmlentities (4.3.1)
    i18n (0.6.9)
    json (1.8.1)
    linecache19 (0.5.12)
      ruby_core_source (>= 0.1.4)
    locale (2.1.0)
    multi_json (1.9.2)
    opal (0.6.0)
      source_map
      sprockets
    rack (1.5.2)
    ruby-debug-base19 (0.11.25)
      columnize (>= 0.3.1)
      linecache19 (>= 0.5.11)
      ruby_core_source (>= 0.1.4)
    ruby-debug19 (0.11.6)
      columnize (>= 0.3.1)
      linecache19 (>= 0.5.11)
      ruby-debug-base19 (>= 0.11.19)
    ruby_core_source (0.1.5)
      archive-tar-minitar (>= 0.5.2)
    sass (3.2.13)
    source_map (3.0.1)
      json
    sprockets (2.12.0)
      hike (~> 1.2)
      multi_json (~> 1.0)
      rack (~> 1.0)
      tilt (~> 1.1, != 1.3.0)
    tilt (1.4.1)

PLATFORMS
  ruby

DEPENDENCIES
  builder
  getopt
  htmlentities
  i18n
  json
  locale
  opal
  ruby-debug19
  sass
