GEM
  remote: http://rubygems.org/
  specs:
    builder (3.2.2)
    getopt (1.4.1)
    htmlentities (4.3.1)
    i18n (0.6.9)
    json (1.8.1)
    locale (2.1.0)
    sass (3.2.19)

PLATFORMS
  ruby

DEPENDENCIES
  builder
  getopt
  htmlentities
  i18n
  json
  locale
  sass (~> 3.2.19)
