GEM
  remote: http://rubygems.org/
  specs:
    archive-tar-minitar (0.5.2)
    builder (3.2.2)
    columnize (0.3.6)
    file-tail (1.0.12)
      tins (~> 0.5)
    getopt (1.4.1)
    hike (1.2.3)
    htmlentities (4.3.1)
    i18n (0.6.9)
    json (1.8.1)
    linecache19 (0.5.12)
      ruby_core_source (>= 0.1.4)
    locale (2.1.0)
    multi_json (1.9.2)
    opal (0.6.1)
      source_map
      sprockets
    rack (1.5.2)
    ruby-debug-base19 (0.11.25)
      columnize (>= 0.3.1)
      linecache19 (>= 0.5.11)
      ruby_core_source (>= 0.1.4)
    ruby-debug19 (0.11.6)
      columnize (>= 0.3.1)
      linecache19 (>= 0.5.11)
      ruby-debug-base19 (>= 0.11.19)
    ruby2ruby (2.0.8)
      ruby_parser (~> 3.1)
      sexp_processor (~> 4.0)
    ruby_core_source (0.1.5)
      archive-tar-minitar (>= 0.5.2)
    ruby_parser (3.5.0)
      sexp_processor (~> 4.1)
    sass (3.2.19)
    sexp_processor (4.4.3)
    source_map (3.0.1)
      json
    sourcify (0.5.0)
      file-tail (>= 1.0.5)
      ruby2ruby (>= 1.2.5)
      ruby_parser (>= 2.0.5)
      sexp_processor (>= 3.0.5)
    sprockets (2.12.0)
      hike (~> 1.2)
      multi_json (~> 1.0)
      rack (~> 1.0)
      tilt (~> 1.1, != 1.3.0)
    tilt (1.4.1)
    tins (0.13.2)

PLATFORMS
  ruby

DEPENDENCIES
  builder
  file-tail
  getopt
  htmlentities
  i18n
  json
  locale
  opal
  ruby-debug19
  ruby_parser
  sass (~> 3.2.19)
  sourcify
